GEM
  remote: https://rubygems.org/
  specs:
    bson (4.1.1)
    byebug (9.0.5)
    coderay (1.1.1)
    method_source (0.8.2)
    mongo (2.2.5)
      bson (~> 4.0)
    pry (0.10.4)
      coderay (~> 1.1.0)
      method_source (~> 0.8.1)
      slop (~> 3.4)
    pry-byebug (3.4.0)
      byebug (~> 9.0)
      pry (~> 0.10)
    slop (3.6.0)
    statsd-ruby (1.3.0)

PLATFORMS
  ruby

DEPENDENCIES
  mongo (= 2.2.5)
  pry-byebug
  statsd-ruby

RUBY VERSION
   ruby 2.3.1p112

BUNDLED WITH
   1.12.5
